GEM
  remote: https://rubygems.org/
  specs:
    json (2.3.0)

PLATFORMS
  ruby

DEPENDENCIES
  json

RUBY VERSION
   ruby 2.6.3p62

BUNDLED WITH
   1.17.2
